GEM
  remote: http://rubygems.org/
  specs:
    webrick (1.3.1)

PLATFORMS
  ruby

DEPENDENCIES
  webrick
